GEM
  remote: https://rubygems.org/
  specs:
    gcm (0.0.9)
      httparty
      json
    httparty (0.13.1)
      json (~> 1.8)
      multi_xml (>= 0.5.2)
    json (1.8.1)
    multi_xml (0.5.5)
    rack (1.5.2)

PLATFORMS
  ruby

DEPENDENCIES
  gcm
  json
  rack
